GIT
  remote: https://github.com/NREL/OpenStudio-aws-gem.git
  revision: 77c0e9b33f3d24b8cfd030860c58aaaccd76272e
  branch: openstudio-pat
  specs:
    openstudio-aws (0.3.2)
      aws-sdk-core (~> 2.0)
      net-scp (~> 1.1)
      semantic (~> 1.3)
      sshkey (~> 1.6)

GEM
  remote: http://rubygems.org/
  specs:
    aws-sdk-core (2.0.47)
      builder (~> 3.0)
      jmespath (~> 1.0)
      multi_json (~> 1.0)
    builder (3.2.2)
    jmespath (1.0.2)
      multi_json (~> 1.0)
    multi_json (1.11.0)
    net-scp (1.2.1)
      net-ssh (>= 2.6.5)
    net-ssh (2.9.2)
    rake (0.9.6)
    rdoc (4.0.0)
    semantic (1.4.1)
    sshkey (1.7.0)
    test-unit (2.0.0)

PLATFORMS
  ruby
  x64-mingw32
  x86-mingw32

DEPENDENCIES
  openstudio-aws (~> 0.3.2)!
  rake (= 0.9.6)
  rdoc (= 4.0.0)
  test-unit (= 2.0.0.0)

BUNDLED WITH
   1.10.1
