GIT
  remote: git://github.com/NREL/OpenStudio-workflow-gem.git
  revision: c2ad7e012bc8a4b4de071a0cd752e84babdf1ee5
  ref: c2ad7e012bc8a4b4de071a0cd752e84babdf1ee5
  specs:
    openstudio-workflow (1.0.0)

GEM
  remote: http://rubygems.org/
  specs:
    diff-lcs (1.2.5)
    minitest (5.10.1)
    openstudio-standards (0.1.11)
    rspec (3.5.0)
      rspec-core (~> 3.5.0)
      rspec-expectations (~> 3.5.0)
      rspec-mocks (~> 3.5.0)
    rspec-core (3.5.3)
      rspec-support (~> 3.5.0)
    rspec-expectations (3.5.0)
      diff-lcs (>= 1.2.0, < 2.0)
      rspec-support (~> 3.5.0)
    rspec-mocks (3.5.0)
      diff-lcs (>= 1.2.0, < 2.0)
      rspec-support (~> 3.5.0)
    rspec-support (3.5.0)

PLATFORMS
  ruby
  x64-mingw32
  x86-mingw32

DEPENDENCIES
  minitest (~> 5.10.1)
  openstudio-standards (= 0.1.11)
  openstudio-workflow!
  rspec (~> 3.5.0)

BUNDLED WITH
   1.14.3
