GIT
  remote: git://github.com/NREL/OpenStudio-workflow-gem.git
  revision: 9a5a5100dae8881a2ffd8a3d7704e4f97711ad7e
  ref: 9a5a5100dae8881a2ffd8a3d7704e4f97711ad7e
  specs:
    openstudio-workflow (1.0.0.rc1)

GIT
  remote: git://github.com/NREL/openstudio-standards.git
  revision: c0ec088885e64e402371a91f43c2074af0169d6c
  ref: c0ec088885e64e402371a91f43c2074af0169d6c
  specs:
    openstudio-standards (0.1.5)

GEM
  remote: http://rubygems.org/
  specs:
    diff-lcs (1.2.5)
    rspec (3.5.0)
      rspec-core (~> 3.5.0)
      rspec-expectations (~> 3.5.0)
      rspec-mocks (~> 3.5.0)
    rspec-core (3.5.3)
      rspec-support (~> 3.5.0)
    rspec-expectations (3.5.0)
      diff-lcs (>= 1.2.0, < 2.0)
      rspec-support (~> 3.5.0)
    rspec-mocks (3.5.0)
      diff-lcs (>= 1.2.0, < 2.0)
      rspec-support (~> 3.5.0)
    rspec-support (3.5.0)

PLATFORMS
  ruby
  x64-mingw32
  x86-mingw32

DEPENDENCIES
  openstudio-standards!
  openstudio-workflow!
  rspec

BUNDLED WITH
   1.12.5
