GIT
  remote: git://github.com/NREL/OpenStudio-workflow-gem.git
  revision: 01ed781e8a03d63460fb863aa4f9160d6de28a97
  ref: 01ed781e8a03d63460fb863aa4f9160d6de28a97
  specs:
    openstudio-workflow (1.0.0.rc1)

GIT
  remote: git://github.com/NREL/openstudio-standards.git
  revision: 639fccce66011eb4800628428409d48f086a3f3b
  ref: 639fccce66011eb4800628428409d48f086a3f3b
  specs:
    openstudio-standards (0.1.4)

GEM
  remote: http://rubygems.org/
  specs:
    diff-lcs (1.2.5)
    rspec (3.5.0)
      rspec-core (~> 3.5.0)
      rspec-expectations (~> 3.5.0)
      rspec-mocks (~> 3.5.0)
    rspec-core (3.5.2)
      rspec-support (~> 3.5.0)
    rspec-expectations (3.5.0)
      diff-lcs (>= 1.2.0, < 2.0)
      rspec-support (~> 3.5.0)
    rspec-mocks (3.5.0)
      diff-lcs (>= 1.2.0, < 2.0)
      rspec-support (~> 3.5.0)
    rspec-support (3.5.0)

PLATFORMS
  ruby
  x64-mingw32
  x86-mingw32

DEPENDENCIES
  openstudio-standards!
  openstudio-workflow!
  rspec

BUNDLED WITH
   1.12.5
