GIT
  remote: git://github.com/NREL/OpenStudio-workflow-gem.git
  revision: 6f5f0b797caa87e4e7e2c07a8cc6c36ae3d8300b
  ref: 6f5f0b797caa87e4e7e2c07a8cc6c36ae3d8300b
  specs:
    openstudio-workflow (1.0.0.rc1)
      colored (~> 1.2)
      facter (>= 2.0)
      multi_json (~> 1.10)
      rubyXL (~> 3.3)
      rubyzip (~> 1.2)

GIT
  remote: git://github.com/NREL/openstudio-standards.git
  revision: 922858f7c83e7c3b3a9dcab19bc43157435b9bd1
  ref: 922858f7c83e7c3b3a9dcab19bc43157435b9bd1
  specs:
    openstudio-standards (0.1.4)

GEM
  remote: http://rubygems.org/
  specs:
    CFPropertyList (2.2.8)
    colored (1.2)
    facter (2.4.6)
      CFPropertyList (~> 2.2.6)
    facter (2.4.6-x64-mingw32)
      ffi (~> 1.9.5)
      win32-dir (~> 0.4.8)
      win32-security (~> 0.2.5)
    facter (2.4.6-x86-mingw32)
      ffi (~> 1.9.5)
      win32-dir (~> 0.4.8)
      win32-security (~> 0.2.5)
      win32console (~> 1.3.2)
    ffi (1.9.14-x64-mingw32)
    ffi (1.9.14-x86-mingw32)
    mini_portile2 (2.1.0)
    multi_json (1.12.1)
    nokogiri (1.6.8)
      mini_portile2 (~> 2.1.0)
      pkg-config (~> 1.1.7)
    nokogiri (1.6.8-x64-mingw32)
      mini_portile2 (~> 2.1.0)
      pkg-config (~> 1.1.7)
    nokogiri (1.6.8-x86-mingw32)
      mini_portile2 (~> 2.1.0)
      pkg-config (~> 1.1.7)
    pkg-config (1.1.7)
    rubyXL (3.3.21)
      nokogiri (>= 1.4.4)
      rubyzip (>= 1.1.6)
    rubyzip (1.2.0)
    win32-dir (0.4.9)
      ffi (>= 1.0.0)
    win32-security (0.2.5)
      ffi
    win32console (1.3.2-x86-mingw32)

PLATFORMS
  ruby
  x64-mingw32
  x86-mingw32

DEPENDENCIES
  openstudio-standards!
  openstudio-workflow!

BUNDLED WITH
   1.12.5
