GIT
  remote: git://github.com/NREL/OpenStudio-workflow-gem.git
  revision: b3300f79a831bd46e1848867fa34c40cfb166e88
  ref: b3300f79a831bd46e1848867fa34c40cfb166e88
  specs:
    openstudio-workflow (1.0.0)

GEM
  remote: http://rubygems.org/
  specs:
    diff-lcs (1.2.5)
    openstudio-standards (0.1.10)
    rspec (3.5.0)
      rspec-core (~> 3.5.0)
      rspec-expectations (~> 3.5.0)
      rspec-mocks (~> 3.5.0)
    rspec-core (3.5.3)
      rspec-support (~> 3.5.0)
    rspec-expectations (3.5.0)
      diff-lcs (>= 1.2.0, < 2.0)
      rspec-support (~> 3.5.0)
    rspec-mocks (3.5.0)
      diff-lcs (>= 1.2.0, < 2.0)
      rspec-support (~> 3.5.0)
    rspec-support (3.5.0)

PLATFORMS
  ruby
  x64-mingw32
  x86-mingw32

DEPENDENCIES
  openstudio-standards (= 0.1.10)
  openstudio-workflow!
  rspec

BUNDLED WITH
   1.13.7
