GIT
  remote: git://github.com/NREL/simplecov.git
  revision: 88beea5ba393bf431af024ef90cfb661a63e238c
  specs:
    simplecov (0.16.1)
      docile (~> 1.1)
      simplecov-html (~> 0.10.0)

GEM
  remote: http://rubygems.org/
  specs:
    activesupport (5.1.6)
      concurrent-ruby (~> 1.0, >= 1.0.2)
      i18n (>= 0.7, < 2)
      minitest (~> 5.1)
      tzinfo (~> 1.1)
    ansi (1.5.0)
    ast (2.4.0)
    builder (3.2.3)
    ci_reporter (2.0.0)
      builder (>= 2.1.2)
    ci_reporter_minitest (1.0.0)
      ci_reporter (~> 2.0)
      minitest (~> 5.0)
    concurrent-ruby (1.0.5)
    docile (1.3.0)
    git (1.3.0)
    i18n (1.0.1)
      concurrent-ruby (~> 1.0)
    minitest (5.4.3)
    minitest-reporters (1.2.0)
      ansi
      builder
      minitest (>= 5.0)
      ruby-progressbar
    openstudio-standards (0.2.0)
    openstudio-workflow (1.3.2)
    openstudio_measure_tester (0.1.4)
      activesupport (= 5.1.6)
      ci_reporter_minitest (= 1.0.0)
      git (= 1.3.0)
      minitest (= 5.4.3)
      minitest-reporters (= 1.2.0)
      rake (= 12.3.1)
      rubocop (= 0.54.0)
      rubocop-checkstyle_formatter (= 0.4)
      simplecov (= 0.16.1)
    parallel (1.12.1)
    parser (2.5.1.0)
      ast (~> 2.4.0)
    powerpack (0.1.1)
    rainbow (3.0.0)
    rake (12.3.1)
    rubocop (0.54.0)
      parallel (~> 1.10)
      parser (>= 2.5)
      powerpack (~> 0.1)
      rainbow (>= 2.2.2, < 4.0)
      ruby-progressbar (~> 1.7)
      unicode-display_width (~> 1.0, >= 1.0.1)
    rubocop-checkstyle_formatter (0.4.0)
      rubocop (>= 0.35.1)
    ruby-progressbar (1.9.0)
    simplecov-html (0.10.2)
    thread_safe (0.3.6)
    tzinfo (1.2.5)
      thread_safe (~> 0.1)
    unicode-display_width (1.3.0)

PLATFORMS
  x64-mingw32

DEPENDENCIES
  bundler (= 1.14.4)
  openstudio-standards (= 0.2.0)
  openstudio-workflow (= 1.3.2)
  openstudio_measure_tester (= 0.1.4)
  parallel (= 1.12.1)
  simplecov!

BUNDLED WITH
   1.14.4
