GIT
  remote: git://github.com/NREL/OpenStudio-workflow-gem.git
  revision: 586792578e8d355261d4fca2f7c596d82a95cf78
  ref: 586792578e8d355261d4fca2f7c596d82a95cf78
  specs:
    openstudio-workflow (1.0.0.rc1)

GIT
  remote: git://github.com/NREL/openstudio-standards.git
  revision: 143191b8e72056c6d3396a20a6c8d961b1e1ca91
  ref: 143191b8e72056c6d3396a20a6c8d961b1e1ca91
  specs:
    openstudio-standards (0.1.8)

GEM
  remote: http://rubygems.org/
  specs:
    diff-lcs (1.2.5)
    rspec (3.5.0)
      rspec-core (~> 3.5.0)
      rspec-expectations (~> 3.5.0)
      rspec-mocks (~> 3.5.0)
    rspec-core (3.5.3)
      rspec-support (~> 3.5.0)
    rspec-expectations (3.5.0)
      diff-lcs (>= 1.2.0, < 2.0)
      rspec-support (~> 3.5.0)
    rspec-mocks (3.5.0)
      diff-lcs (>= 1.2.0, < 2.0)
      rspec-support (~> 3.5.0)
    rspec-support (3.5.0)

PLATFORMS
  ruby
  x64-mingw32
  x86-mingw32

DEPENDENCIES
  openstudio-standards!
  openstudio-workflow!
  rspec

BUNDLED WITH
   1.12.5
