GIT
  remote: git://github.com/NREL/openstudio-standards.git
  revision: e9d4d1e840a89685955434074ca511670d5cfc56
  ref: e9d4d1e840a89685955434074ca511670d5cfc56
  specs:
    openstudio-standards (0.2.0)

GEM
  remote: http://rubygems.org/
  specs:
    diff-lcs (1.3)
    minitest (4.7.5)
    openstudio-workflow (1.3.1)
    parallel (1.10.0)
    rspec (3.5.0)
      rspec-core (~> 3.5.0)
      rspec-expectations (~> 3.5.0)
      rspec-mocks (~> 3.5.0)
    rspec-core (3.5.4)
      rspec-support (~> 3.5.0)
    rspec-expectations (3.5.0)
      diff-lcs (>= 1.2.0, < 2.0)
      rspec-support (~> 3.5.0)
    rspec-mocks (3.5.0)
      diff-lcs (>= 1.2.0, < 2.0)
      rspec-support (~> 3.5.0)
    rspec-support (3.5.0)
    test-unit-minitest (0.9.1)
      minitest (~> 4.7)

PLATFORMS
  x64-mingw32

DEPENDENCIES
  bundler (= 1.14.4)
  openstudio-standards!
  openstudio-workflow (= 1.3.1)
  parallel (= 1.10.0)
  rspec (= 3.5.0)
  test-unit-minitest (= 0.9.1)

BUNDLED WITH
   1.14.4
