GIT
  remote: git://github.com/NREL/OpenStudio-workflow-gem.git
  revision: c2f6ed3b51515b512378c7a913537b43851e8229
  ref: c2f6ed3b51515b512378c7a913537b43851e8229
  specs:
    openstudio-workflow (1.0.0.alpha.0)

GIT
  remote: git://github.com/NREL/openstudio-standards.git
  revision: 0712d0dcab9b0b6d9699125bc3ab425a211f475b
  branch: master
  specs:
    openstudio-standards (0.1.4)

GEM
  remote: http://rubygems.org/
  specs:

PLATFORMS
  ruby
  x64-mingw32
  x86-mingw32

DEPENDENCIES
  openstudio-standards!
  openstudio-workflow!

BUNDLED WITH
   1.12.5
